GEM
  remote: https://rubygems.org/
  specs:
    awesome_print (1.8.0)
    byebug (10.0.2)
    cmdparse (3.0.3)
    coderay (1.1.2)
    geom2d (0.1.0)
    hexapdf (0.8.0)
      cmdparse (~> 3.0, >= 3.0.3)
      geom2d (~> 0.1)
    method_source (0.9.2)
    pry (0.12.2)
      coderay (~> 1.1.0)
      method_source (~> 0.9.0)
    pry-byebug (3.6.0)
      byebug (~> 10.0)
      pry (~> 0.10)
    wicked_pdf (1.1.0)

PLATFORMS
  ruby

DEPENDENCIES
  awesome_print
  hexapdf
  pry-byebug
  wicked_pdf

BUNDLED WITH
   1.16.1
