GEM
  remote: https://rubygems.org/
  specs:
    icalendar (2.5.2)
      ice_cube (~> 0.16)
    ice_cube (0.16.3)

PLATFORMS
  ruby

DEPENDENCIES
  icalendar

BUNDLED WITH
   1.16.3
