GEM
  remote: https://rubygems.org/
  specs:
    activesupport (7.0.4.1)
      concurrent-ruby (~> 1.0, >= 1.0.2)
      i18n (>= 1.6, < 2)
      minitest (>= 5.1)
      tzinfo (~> 2.0)
    awesome_print (1.9.2)
    byebug (11.1.3)
    coderay (1.1.3)
    concurrent-ruby (1.1.10)
    i18n (1.12.0)
      concurrent-ruby (~> 1.0)
    method_source (1.0.0)
    minitest (5.17.0)
    pry (0.13.1)
      coderay (~> 1.1)
      method_source (~> 1.0)
    pry-byebug (3.9.0)
      byebug (~> 11.0)
      pry (~> 0.13.0)
    sorbet (0.5.9656)
      sorbet-static (= 0.5.9656)
    sorbet-runtime (0.5.9656)
    sorbet-static (0.5.9656-x86_64-linux)
    tzinfo (2.0.5)
      concurrent-ruby (~> 1.0)
    wicked_pdf (2.1.0)
      activesupport

PLATFORMS
  x86_64-linux

DEPENDENCIES
  activesupport
  awesome_print
  pry-byebug
  sorbet
  sorbet-runtime
  wicked_pdf

BUNDLED WITH
   2.2.3
