GEM
  remote: https://rubygems.org/
  specs:
    activesupport (6.0.3.1)
      concurrent-ruby (~> 1.0, >= 1.0.2)
      i18n (>= 0.7, < 2)
      minitest (~> 5.1)
      tzinfo (~> 1.1)
      zeitwerk (~> 2.2, >= 2.2.2)
    awesome_print (1.8.0)
    byebug (11.1.3)
    coderay (1.1.3)
    concurrent-ruby (1.1.6)
    i18n (1.8.3)
      concurrent-ruby (~> 1.0)
    method_source (1.0.0)
    minitest (5.14.3)
    pry (0.13.1)
      coderay (~> 1.1)
      method_source (~> 1.0)
    pry-byebug (3.9.0)
      byebug (~> 11.0)
      pry (~> 0.13.0)
    sorbet (0.5.6289)
      sorbet-static (= 0.5.6289)
    sorbet-runtime (0.5.5920)
    sorbet-static (0.5.6289-universal-darwin-14)
    sorbet-static (0.5.6289-universal-darwin-15)
    sorbet-static (0.5.6289-universal-darwin-16)
    sorbet-static (0.5.6289-universal-darwin-17)
    sorbet-static (0.5.6289-universal-darwin-18)
    sorbet-static (0.5.6289-universal-darwin-19)
    sorbet-static (0.5.6289-universal-darwin-20)
    sorbet-static (0.5.6289-x86_64-linux)
    thread_safe (0.3.6)
    tzinfo (1.2.7)
      thread_safe (~> 0.1)
    wicked_pdf (2.1.0)
      activesupport
    zeitwerk (2.3.0)

PLATFORMS
  ruby

DEPENDENCIES
  activesupport
  awesome_print
  pry-byebug
  sorbet
  sorbet-runtime
  wicked_pdf

BUNDLED WITH
   2.2.3
